GEM
  remote: https://rubygems.org/
  specs:
    gender_detector (0.1.2)
      unicode_utils (>= 1.3.0)
    unicode_utils (1.4.0)

PLATFORMS
  ruby

DEPENDENCIES
  gender_detector
